GEM
  remote: http://rubygems.org/
  specs:
    archive-tar-minitar (0.5.2)
    builder (3.0.0)
    childprocess (0.2.3)
      ffi (~> 1.0.6)
    cucumber (1.1.4)
      builder (>= 2.1.2)
      diff-lcs (>= 1.1.2)
      gherkin (~> 2.7.1)
      json (>= 1.4.6)
      term-ansicolor (>= 1.0.6)
    cuke4php (0.9.10)
      cucumber (>= 0.10.2)
    diff-lcs (1.1.3)
    erubis (2.7.0)
    ffi (1.0.11)
    gherkin (2.7.1)
      json (>= 1.4.6)
    i18n (0.6.0)
    json (1.5.4)
    multi_json (1.0.4)
    mysql2 (0.3.11)
    net-scp (1.0.4)
      net-ssh (>= 1.99.1)
    net-ssh (2.1.4)
    rake (0.9.2.2)
    rspec (2.7.0)
      rspec-core (~> 2.7.0)
      rspec-expectations (~> 2.7.0)
      rspec-mocks (~> 2.7.0)
    rspec-core (2.7.1)
    rspec-expectations (2.7.0)
      diff-lcs (~> 1.1.2)
    rspec-mocks (2.7.0)
    rubyzip (0.9.5)
    selenium-webdriver (2.15.0)
      childprocess (>= 0.2.1)
      ffi (~> 1.0.9)
      multi_json (~> 1.0.4)
      rubyzip
    term-ansicolor (1.0.7)
    thor (0.14.6)
    vagrant (0.8.10)
      archive-tar-minitar (= 0.5.2)
      erubis (~> 2.7.0)
      i18n (~> 0.6.0)
      json (~> 1.5.1)
      net-scp (~> 1.0.4)
      net-ssh (~> 2.1.4)
      thor (~> 0.14.6)
      virtualbox (~> 0.9.1)
    vagrant-vbguest (0.0.3)
      vagrant (~> 0.8.2)
      virtualbox (~> 0.9.1)
    virtualbox (0.9.2)
      ffi (~> 1.0.9)
    watir-webdriver (0.4.1)
      selenium-webdriver (>= 2.12.0)

PLATFORMS
  ruby

DEPENDENCIES
  cuke4php (>= 0.9.6.c)
  mysql2
  rake
  rspec
  vagrant (>= 0.8.7)
  vagrant-vbguest
  watir-webdriver
